GEM
  remote: https://rubygems.org/
  specs:
    RedCloth (4.2.9)
    dotenv (0.7.0)
    foreman (0.67.0)
      dotenv (~> 0.7.0)
      thor (~> 0.17.0)
    thor (0.17.0)

PLATFORMS
  ruby

DEPENDENCIES
  RedCloth
  foreman
